GEM
  remote: http://rubygems.org/
  specs:
    faraday (0.8.4)
      multipart-post (~> 1.1)
    mime-types (1.19)
    multi_json (1.3.7)
    multipart-post (1.1.5)
    rest-client (1.6.7)
      mime-types (>= 1.16)
    simple_oauth (0.2.0)
    twitter (4.4.2)
      faraday (~> 0.8)
      multi_json (~> 1.3)
      simple_oauth (~> 0.2)

PLATFORMS
  ruby

DEPENDENCIES
  rest-client (~> 1.6.7)
  twitter (~> 4.4.2)
